GEM
  remote: https://tw.website:mAk3MEdry@gems.artefacts.webteam.thoughtworks.com/
  specs:
    anemone (0.7.2)
      nokogiri (>= 1.3.0)
      robotex (>= 1.0.0)
    image_size (1.5.0)
    log4r (1.1.10)
    mini_portile2 (2.2.0)
    nokogiri (1.8.0)
      mini_portile2 (~> 2.2.0)
    parallel (1.11.2)
    rake (12.0.0)
    robotex (1.0.0)
    thor (0.19.4)
    wraith (4.0.1)
      anemone
      image_size
      log4r
      parallel
      rake
      robotex
      thor

PLATFORMS
  ruby

DEPENDENCIES
  wraith (~> 4.0.1)

RUBY VERSION
   ruby 2.3.3p222

BUNDLED WITH
   1.14.3
